GEM
  remote: https://rubygems.org/
  specs:
    contracts (0.9)
    ruby2d (0.11.3)
    vector2d (2.2.3)
      contracts (~> 0.9.0)

PLATFORMS
  x86_64-darwin-21
  x86_64-linux

DEPENDENCIES
  ruby2d (~> 0.11.3)
  vector2d (~> 2.2, >= 2.2.3)

BUNDLED WITH
   2.3.14
